PATH
  remote: .
  specs:
    active_store (1.0.0)
      dalli

GEM
  remote: http://rubygems.org/
  specs:
    dalli (1.1.5)
    diff-lcs (1.1.3)
    json (1.5.0-java)
    json-jruby (1.5.0-java)
      json (= 1.5.0)
    rake (0.9.2.2)
    rspec (2.9.0)
      rspec-core (~> 2.9.0)
      rspec-expectations (~> 2.9.0)
      rspec-mocks (~> 2.9.0)
    rspec-core (2.9.0)
    rspec-expectations (2.9.0)
      diff-lcs (~> 1.1.3)
    rspec-mocks (2.9.0)

PLATFORMS
  java
  ruby

DEPENDENCIES
  active_store!
  json-jruby
  rake
  rspec
